GEM
  remote: https://rubygems.org/
  specs:
    celluloid (0.16.0)
      timers (~> 4.0.0)
    clap (1.0.0)
    daemons (1.2.6)
    erubis (2.7.0)
    eventmachine (1.2.5)
    ffi (1.9.23)
    hitimes (1.2.6)
    listen (2.10.1)
      celluloid (~> 0.16.0)
      rb-fsevent (>= 0.9.3)
      rb-inotify (>= 0.9)
    pg (1.0.0)
    puma (3.11.2)
    rack (2.0.4)
    rake (10.5.0)
    rb-fsevent (0.10.3)
    rb-inotify (0.9.10)
      ffi (>= 0.5.0, < 2)
    rerun-cj (0.10.1)
      listen (~> 2.7, >= 2.7.9)
    roda (2.29.0)
      rack
    roda-bin (0.1.8)
      clap
      rerun-cj
      roda
      thin
    sequel (5.6.0)
    thin (1.7.2)
      daemons (~> 1.0, >= 1.0.9)
      eventmachine (~> 1.0, >= 1.0.4)
      rack (>= 1, < 3)
    tilt (2.0.8)
    timers (4.0.4)
      hitimes

PLATFORMS
  ruby

DEPENDENCIES
  erubis
  pg
  puma
  rake
  roda
  roda-bin
  sequel
  tilt

RUBY VERSION
   ruby 2.3.1p112

BUNDLED WITH
   1.13.6
